GEM
  remote: http://rubygems.org/
  specs:
    addressable (2.2.6)
    bson (1.3.1)
    bson_ext (1.3.1)
    girl_friday (0.9.4)
    kgio (2.6.0)
    mongo (1.3.1)
      bson (>= 1.3.1)
    newrelic_rpm (3.1.1)
    rack (1.3.2)
    raindrops (0.7.0)
    sinatra (1.2.6)
      rack (~> 1.1)
      tilt (>= 1.2.2, < 2.0)
    tilt (1.3.3)
    unicorn (4.1.1)
      kgio (~> 2.4)
      rack
      raindrops (~> 0.6)

PLATFORMS
  ruby

DEPENDENCIES
  addressable
  bson_ext
  girl_friday
  mongo
  newrelic_rpm
  sinatra
  unicorn
