GEM
  remote: http://rubygems.org/
  specs:
    bson (1.3.1)
    bson_ext (1.3.1)
    mongo (1.3.1)
      bson (>= 1.3.1)
    newrelic_rpm (3.1.1)
    rack (1.3.2)
    sinatra (1.2.6)
      rack (~> 1.1)
      tilt (>= 1.2.2, < 2.0)
    tilt (1.3.3)

PLATFORMS
  ruby

DEPENDENCIES
  bson_ext
  mongo
  newrelic_rpm
  sinatra
